GEM
  remote: https://rubygems.org/
  specs:
    acceptance_testing (0.2.1)
      capybara (~> 2.13)
      chromedriver-helper (~> 1.1.0)
      pry-byebug (~> 3.4.0)
      rake (~> 12.0.0)
      require_all (~> 1.4)
      rspec (~> 3.4)
      selenium-webdriver (~> 3.3)
      site_prism (~> 2.9)
      turnip (~> 3.0.0.pre.beta.5)
    activesupport (4.2.9)
      i18n (~> 0.7)
      minitest (~> 5.1)
      thread_safe (~> 0.3, >= 0.3.4)
      tzinfo (~> 1.1)
    addressable (2.5.2)
      public_suffix (>= 2.0.2, < 4.0)
    archive-zip (0.7.0)
      io-like (~> 0.3.0)
    byebug (9.0.6)
    capybara (2.15.1)
      addressable
      mini_mime (>= 0.1.3)
      nokogiri (>= 1.3.3)
      rack (>= 1.0.0)
      rack-test (>= 0.5.4)
      xpath (~> 2.0)
    childprocess (0.7.1)
      ffi (~> 1.0, >= 1.0.11)
    chromedriver-helper (1.1.0)
      archive-zip (~> 0.7.0)
      nokogiri (~> 1.6)
    chunky_png (1.3.8)
    coderay (1.1.2)
    colorize (0.8.1)
    diff-lcs (1.3)
    faker (1.6.6)
      i18n (~> 0.5)
    ffaker (2.2.0)
    ffi (1.9.18)
    gherkin (4.1.3)
    gnawrnip (0.6.0)
      capybara (~> 2.2)
      oily_png
      turnip_formatter (~> 0.6.0)
    i18n (0.8.6)
    io-like (0.3.0)
    method_source (0.8.2)
    mini_mime (0.1.4)
    mini_portile2 (2.2.0)
    minitest (5.10.3)
    net-sftp (2.1.2)
      net-ssh (>= 2.6.5)
    net-ssh (4.2.0)
    nokogiri (1.8.0)
      mini_portile2 (~> 2.2.0)
    oily_png (1.2.1)
      chunky_png (~> 1.3.7)
    pry (0.10.4)
      coderay (~> 1.1.0)
      method_source (~> 0.8.1)
      slop (~> 3.4)
    pry-byebug (3.4.3)
      byebug (>= 9.0, < 9.1)
      pry (~> 0.10)
    public_suffix (3.0.0)
    rack (2.0.3)
    rack-test (0.7.0)
      rack (>= 1.0, < 3)
    rake (12.0.0)
    require_all (1.4.0)
    rspec (3.4.0)
      rspec-core (~> 3.4.0)
      rspec-expectations (~> 3.4.0)
      rspec-mocks (~> 3.4.0)
    rspec-core (3.4.4)
      rspec-support (~> 3.4.0)
    rspec-expectations (3.4.0)
      diff-lcs (>= 1.2.0, < 2.0)
      rspec-support (~> 3.4.0)
    rspec-mocks (3.4.1)
      diff-lcs (>= 1.2.0, < 2.0)
      rspec-support (~> 3.4.0)
    rspec-support (3.4.1)
    rubyzip (1.2.1)
    selenium-webdriver (3.5.2)
      childprocess (~> 0.5)
      rubyzip (~> 1.0)
    site_prism (2.9)
      addressable (>= 2.3.3, < 3.0)
      capybara (>= 2.1, < 3.0)
    slop (3.6.0)
    thread_safe (0.3.6)
    turnip (3.0.0)
      gherkin (~> 4.0)
      rspec (>= 3.0, < 4.0)
    turnip_formatter (0.6.1)
      activesupport (~> 4.2.7)
      rspec (>= 3.3, < 4.0)
      turnip (~> 3.0.0)
    tzinfo (1.2.3)
      thread_safe (~> 0.1)
    xpath (2.1.0)
      nokogiri (~> 1.3)

PLATFORMS
  ruby

DEPENDENCIES
  acceptance_testing (= 0.2.1)
  capybara
  chromedriver-helper
  colorize
  faker (~> 1.6.3)
  ffaker (~> 2.2.0)
  gnawrnip
  net-sftp (~> 2.1, >= 2.1.2)
  pry-byebug (~> 3.4.0)
  require_all
  rspec (~> 3.4.0)
  selenium-webdriver
  site_prism (~> 2.9)
  turnip (~> 3.0.0.pre.beta.5)
  turnip_formatter (~> 0.6.0.pre.beta.5)

BUNDLED WITH
   1.14.6
