PATH
  remote: .
  specs:
    my_first_gem (0.1.0)

GEM
  remote: https://rubygems.org/
  specs:
    activesupport (4.2.10)
      i18n (~> 0.7)
      minitest (~> 5.1)
      thread_safe (~> 0.3, >= 0.3.4)
      tzinfo (~> 1.1)
    addressable (2.5.2)
      public_suffix (>= 2.0.2, < 4.0)
    capybara (2.15.4)
      addressable
      mini_mime (>= 0.1.3)
      nokogiri (>= 1.3.3)
      rack (>= 1.0.0)
      rack-test (>= 0.5.4)
      xpath (~> 2.0)
    chunky_png (1.3.8)
    diff-lcs (1.3)
    faker (1.6.6)
      i18n (~> 0.5)
    ffaker (2.2.0)
    gherkin (4.1.3)
    gnawrnip (0.6.0)
      capybara (~> 2.2)
      oily_png
      turnip_formatter (~> 0.6.0)
    i18n (0.8.6)
    mini_mime (0.1.4)
    mini_portile2 (2.3.0)
    minitest (5.10.3)
    nokogiri (1.8.1)
      mini_portile2 (~> 2.3.0)
    oily_png (1.2.1)
      chunky_png (~> 1.3.7)
    public_suffix (3.0.0)
    rack (2.0.3)
    rack-test (0.7.0)
      rack (>= 1.0, < 3)
    rake (10.5.0)
    rspec (3.6.0)
      rspec-core (~> 3.6.0)
      rspec-expectations (~> 3.6.0)
      rspec-mocks (~> 3.6.0)
    rspec-core (3.6.0)
      rspec-support (~> 3.6.0)
    rspec-expectations (3.6.0)
      diff-lcs (>= 1.2.0, < 2.0)
      rspec-support (~> 3.6.0)
    rspec-mocks (3.6.0)
      diff-lcs (>= 1.2.0, < 2.0)
      rspec-support (~> 3.6.0)
    rspec-support (3.6.0)
    thread_safe (0.3.6)
    turnip (3.0.0)
      gherkin (~> 4.0)
      rspec (>= 3.0, < 4.0)
    turnip_formatter (0.6.1)
      activesupport (~> 4.2.7)
      rspec (>= 3.3, < 4.0)
      turnip (~> 3.0.0)
    tzinfo (1.2.3)
      thread_safe (~> 0.1)
    xpath (2.1.0)
      nokogiri (~> 1.3)

PLATFORMS
  ruby

DEPENDENCIES
  bundler (~> 1.16.a)
  capybara
  faker (~> 1.6.3)
  ffaker (~> 2.2.0)
  gnawrnip
  my_first_gem!
  rake (~> 10.0)

BUNDLED WITH
   1.16.0.pre.3
